PATH
  remote: .
  specs:
    clima_tempo (1.0)
      nokogiri (>= 1.5.6)
      rest-client (>= 1.6.7)

GEM
  remote: http://rubygems.org/
  specs:
    fakeweb (1.3.0)
    mime-types (1.19)
    nokogiri (1.5.6)
    rest-client (1.6.7)
      mime-types (>= 1.16)

PLATFORMS
  ruby

DEPENDENCIES
  clima_tempo!
  fakeweb (>= 1.3)
