PATH
  remote: .
  specs:
    clima_tempo (1.01)
      nokogiri (>= 1.5.6)
      rest-client (>= 1.6.7)

GEM
  remote: http://rubygems.org/
  specs:
    diff-lcs (1.2.1)
    fakeweb (1.3.0)
    mime-types (1.21)
    nokogiri (1.5.6)
    rest-client (1.6.7)
      mime-types (>= 1.16)
    rspec (2.13.0)
      rspec-core (~> 2.13.0)
      rspec-expectations (~> 2.13.0)
      rspec-mocks (~> 2.13.0)
    rspec-core (2.13.1)
    rspec-expectations (2.13.0)
      diff-lcs (>= 1.1.3, < 2.0)
    rspec-mocks (2.13.0)

PLATFORMS
  ruby

DEPENDENCIES
  clima_tempo!
  fakeweb (>= 1.3)
  rspec
